GEM
  specs:
    json (1.5.1)
    rack (1.2.1)
    rmagick (2.13.1)
    sinatra (1.2.0)
      rack (~> 1.1)
      tilt (< 2.0, >= 1.2.2)
    tilt (1.2.2)

PLATFORMS
  ruby

DEPENDENCIES
  json
  rmagick
  sinatra
